GEM
  remote: https://rubygems.org/
  specs:
    coderay (1.0.9)
    ffi (1.3.1)
    formatador (0.2.4)
    guard (1.8.3)
      formatador (>= 0.2.4)
      listen (~> 1.3)
      lumberjack (>= 1.0.2)
      pry (>= 0.9.10)
      thor (>= 0.14.6)
    guard-rack (1.3.1)
      ffi (~> 1.3.1)
      guard (~> 1.1)
      libnotify (~> 0.1.3)
      rb-inotify (>= 0.5.1)
      spoon (~> 0.0.1)
    libnotify (0.1.4)
      ffi (>= 0.6.2)
    listen (1.3.1)
      rb-fsevent (>= 0.9.3)
      rb-inotify (>= 0.9)
      rb-kqueue (>= 0.2)
    lumberjack (1.0.4)
    method_source (0.8.2)
    pry (0.9.12.2)
      coderay (~> 1.0.5)
      method_source (~> 0.8)
      slop (~> 3.4)
    rack (1.5.2)
    rb-fsevent (0.9.3)
    rb-inotify (0.9.2)
      ffi (>= 0.5.0)
    rb-kqueue (0.2.0)
      ffi (>= 0.5.0)
    slop (3.4.6)
    spoon (0.0.4)
      ffi
    thor (0.18.1)

PLATFORMS
  ruby

DEPENDENCIES
  guard-rack
  rack
